GEM
  remote: http://rubygems.org/
  specs:
    activesupport (3.0.1)
    cgi_multipart_eof_fix (2.5.0)
    compass (0.10.5)
      haml (>= 3.0.4)
    daemons (1.1.0)
    fancy-buttons (0.6.0.pre1)
      compass (>= 0.10.0)
      haml (>= 3.0.2)
    fastthread (1.0.7)
    fssm (0.1.4)
    gem_plugin (0.2.3)
    haml (3.0.21)
    i18n (0.4.1)
    mongrel (1.1.5)
      cgi_multipart_eof_fix (>= 2.4)
      daemons (>= 1.0.3)
      fastthread (>= 1.0.1)
      gem_plugin (>= 0.2.3)
    rack (1.2.1)
    rake (0.8.7)
    serve (0.11.7)
      activesupport (>= 2.3.5)
      rack (>= 1.2.1)
    staticmatic (0.11.0.alpha.10)
      compass (>= 0.10.0)
      haml (>= 2.0.0)
      rack (>= 1.0)

PLATFORMS
  ruby

DEPENDENCIES
  compass
  fancy-buttons (= 0.6.0.pre1)
  fssm
  haml
  i18n
  mongrel
  rake
  serve
  staticmatic (= 0.11.0.alpha.10)
